PATH
  remote: .
  specs:
    redis_int64_autoincrement (1.0.1)

GEM
  remote: https://rubygems.org/
  specs:
    connection_pool (2.4.1)
    rake (0.8.7)
    redis (5.0.8)
      redis-client (>= 0.17.0)
    redis-client (0.19.1)
      connection_pool

PLATFORMS
  ruby

DEPENDENCIES
  rake
  redis
  redis_int64_autoincrement!

BUNDLED WITH
   2.4.7
